GEM
  remote: http://rubygems.org/
  specs:
    backports (3.3.3)
    eventmachine (1.0.3)
    haml (4.0.2)
      tilt
    hashie (2.0.3)
    json (1.8.0)
    rack (1.3.6)
    rack-mount (0.8.3)
      rack (>= 1.0.0)
    rack-protection (1.5.0)
      rack
    rack-test (0.6.2)
      rack (>= 1.0)
    rufus-scheduler (2.0.23)
      tzinfo (>= 0.3.23)
    sequel (3.47.0)
    sinatra (1.3.2)
      rack (~> 1.3, >= 1.3.6)
      rack-protection (~> 1.2)
      tilt (~> 1.3, >= 1.3.3)
    sinatra-contrib (1.3.2)
      backports (>= 2.0)
      eventmachine
      rack-protection
      rack-test
      sinatra (~> 1.3.0)
      tilt (~> 1.3)
    sinatra-flash (0.3.0)
      sinatra (>= 1.0.0)
    sinatra-redirect-with-flash (0.2.0)
      sinatra (>= 1.0.0)
    sqlite3 (1.3.7)
    tilt (1.4.1)
    tzinfo (1.0.1)
    xmpp4r (0.5)

PLATFORMS
  ruby

DEPENDENCIES
  haml
  hashie
  json
  rack
  rack-mount
  rufus-scheduler
  sequel
  sinatra
  sinatra-contrib
  sinatra-flash
  sinatra-redirect-with-flash
  sqlite3
  xmpp4r
