GEM
  remote: http://rubygems.org/
  specs:
    haml (4.0.2)
      tilt
    rack (1.3.6)
    rack-flash (0.1.2)
      rack
    rack-mount (0.8.3)
      rack (>= 1.0.0)
    rack-protection (1.5.0)
      rack
    sequel (3.47.0)
    sinatra (1.3.2)
      rack (~> 1.3, >= 1.3.6)
      rack-protection (~> 1.2)
      tilt (~> 1.3, >= 1.3.3)
    sqlite3 (1.3.7)
    tilt (1.4.1)

PLATFORMS
  ruby

DEPENDENCIES
  haml
  rack (= 1.3.6)
  rack-flash
  rack-mount
  sequel
  sinatra (= 1.3.2)
  sqlite3
