GEM
  remote: http://rubygems.org/
  specs:
    haml (4.0.2)
      tilt
    hashie (2.0.3)
    rack (1.3.6)
    rack-mount (0.8.3)
      rack (>= 1.0.0)
    rack-protection (1.5.0)
      rack
    sequel (3.47.0)
    sinatra (1.3.2)
      rack (~> 1.3, >= 1.3.6)
      rack-protection (~> 1.2)
      tilt (~> 1.3, >= 1.3.3)
    sinatra-flash (0.3.0)
      sinatra (>= 1.0.0)
    sinatra-redirect-with-flash (0.2.0)
      sinatra (>= 1.0.0)
    sqlite3 (1.3.7)
    tilt (1.4.1)

PLATFORMS
  ruby

DEPENDENCIES
  haml
  hashie
  rack
  rack-mount
  sequel
  sinatra
  sinatra-flash
  sinatra-redirect-with-flash
  sqlite3
